GEM
  remote: https://rubygems.org/
  specs:
    activesupport (7.0.3)
      concurrent-ruby (~> 1.0, >= 1.0.2)
      i18n (>= 1.6, < 2)
      minitest (>= 5.1)
      tzinfo (~> 2.0)
    aws-int-test-rspec-helper (0.0.2)
      aws-sdk (= 2.2.17)
      cfndsl (= 0.4.0)
      rspec (= 3.4.0)
    aws-sdk (2.2.17)
      aws-sdk-resources (= 2.2.17)
    aws-sdk-core (2.2.17)
      jmespath (~> 1.0)
    aws-sdk-resources (2.2.17)
      aws-sdk-core (= 2.2.17)
    aws-sdk-utils (0.0.3)
      aws-sdk (= 2.2.17)
    aws_config (0.0.2)
    awsecrets (1.1.0)
      aws-sdk (~> 2.1)
      aws_config
    awspec (0.32.0)
      activesupport
      aws-sdk (~> 2.1)
      awsecrets (~> 1)
      rspec (~> 3.0)
      rspec-its
      term-ansicolor
      thor
    cfndsl (0.4.0)
    concurrent-ruby (1.1.10)
    diff-lcs (1.2.5)
    docile (1.1.5)
    i18n (1.10.0)
      concurrent-ruby (~> 1.0)
    jmespath (1.1.3)
    json (1.8.6)
    json (1.8.6-java)
    minitest (5.16.0)
    rspec (3.4.0)
      rspec-core (~> 3.4.0)
      rspec-expectations (~> 3.4.0)
      rspec-mocks (~> 3.4.0)
    rspec-core (3.4.2)
      rspec-support (~> 3.4.0)
    rspec-expectations (3.4.0)
      diff-lcs (>= 1.2.0, < 2.0)
      rspec-support (~> 3.4.0)
    rspec-its (1.2.0)
      rspec-core (>= 3.0.0)
      rspec-expectations (>= 3.0.0)
    rspec-mocks (3.4.1)
      diff-lcs (>= 1.2.0, < 2.0)
      rspec-support (~> 3.4.0)
    rspec-support (3.4.1)
    simplecov (0.11.2)
      docile (~> 1.1.0)
      json (~> 1.8)
      simplecov-html (~> 0.10.0)
    simplecov-html (0.10.0)
    term-ansicolor (1.3.2)
      tins (~> 1.0)
    thor (0.19.1)
    tins (1.8.2)
    trollop (2.1.2)
    tzinfo (2.0.4)
      concurrent-ruby (~> 1.0)

PLATFORMS
  java
  ruby

DEPENDENCIES
  aws-int-test-rspec-helper
  aws-sdk
  aws-sdk-utils
  awspec
  cfndsl
  simplecov
  trollop

BUNDLED WITH
   1.11.2
