GEM
  remote: https://rubygems.org/
  specs:
    activesupport (4.2.5.1)
      i18n (~> 0.7)
      json (~> 1.7, >= 1.7.7)
      minitest (~> 5.1)
      thread_safe (~> 0.3, >= 0.3.4)
      tzinfo (~> 1.1)
    aws-int-test-rspec-helper (0.0.2)
      aws-sdk (= 2.2.17)
      cfndsl (= 0.4.0)
      rspec (= 3.4.0)
    aws-sdk (2.2.17)
      aws-sdk-resources (= 2.2.17)
    aws-sdk-core (2.2.17)
      jmespath (~> 1.0)
    aws-sdk-resources (2.2.17)
      aws-sdk-core (= 2.2.17)
    aws_config (0.0.2)
    awsecrets (1.1.0)
      aws-sdk (~> 2.1)
      aws_config
    awspec (0.32.0)
      activesupport
      aws-sdk (~> 2.1)
      awsecrets (~> 1)
      rspec (~> 3.0)
      rspec-its
      term-ansicolor
      thor
    cfndsl (0.4.0)
    diff-lcs (1.2.5)
    docile (1.1.5)
    i18n (0.7.0)
    jmespath (1.1.3)
    json (1.8.3)
    json (1.8.3-java)
    minitest (5.8.4)
    rspec (3.4.0)
      rspec-core (~> 3.4.0)
      rspec-expectations (~> 3.4.0)
      rspec-mocks (~> 3.4.0)
    rspec-core (3.4.2)
      rspec-support (~> 3.4.0)
    rspec-expectations (3.4.0)
      diff-lcs (>= 1.2.0, < 2.0)
      rspec-support (~> 3.4.0)
    rspec-its (1.2.0)
      rspec-core (>= 3.0.0)
      rspec-expectations (>= 3.0.0)
    rspec-mocks (3.4.1)
      diff-lcs (>= 1.2.0, < 2.0)
      rspec-support (~> 3.4.0)
    rspec-support (3.4.1)
    simplecov (0.11.2)
      docile (~> 1.1.0)
      json (~> 1.8)
      simplecov-html (~> 0.10.0)
    simplecov-html (0.10.0)
    term-ansicolor (1.3.2)
      tins (~> 1.0)
    thor (0.19.1)
    thread_safe (0.3.5)
    thread_safe (0.3.5-java)
    tins (1.8.2)
    trollop (2.1.2)
    tzinfo (1.2.2)
      thread_safe (~> 0.1)

PLATFORMS
  java
  ruby

DEPENDENCIES
  aws-int-test-rspec-helper
  aws-sdk
  awspec
  cfndsl
  simplecov
  trollop

BUNDLED WITH
   1.11.2
